PATH
  remote: .
  specs:
    street_address (1.0.0)

GEM
  remote: https://rubygems.org/
  specs:
    thoughtbot-shoulda (2.11.1)

PLATFORMS
  ruby

DEPENDENCIES
  street_address!
  thoughtbot-shoulda

BUNDLED WITH
   2.1.4
